GEM
  remote: http://rubygems.org/
  specs:
    daemons (1.1.8)
    eventmachine (0.12.10)
    i18n (0.6.0)
    mail (2.4.4)
      i18n (>= 0.4.0)
      mime-types (~> 1.16)
      treetop (~> 1.4.8)
    mime-types (1.18)
    mysql (2.8.1)
    nokogiri (1.5.2)
    pakyow (0.7.2)
      pakyow-core (= 0.7.2)
      pakyow-mailer (= 0.7.2)
      pakyow-presenter (= 0.7.2)
    pakyow-core (0.7.2)
      rack (~> 1.3)
    pakyow-mailer (0.7.2)
      mail (~> 2.3)
      pakyow-core (= 0.7.2)
      pakyow-presenter (= 0.7.2)
    pakyow-presenter (0.7.2)
      nokogiri (~> 1.5)
      pakyow-core (= 0.7.2)
    polyglot (0.3.3)
    rack (1.4.1)
    sequel (3.34.1)
    sqlite3 (1.3.6)
    thin (1.3.1)
      daemons (>= 1.0.9)
      eventmachine (>= 0.12.6)
      rack (>= 1.0.0)
    treetop (1.4.10)
      polyglot
      polyglot (>= 0.3.1)

PLATFORMS
  ruby

DEPENDENCIES
  mongrel
  mysql
  pakyow (~> 0.7)
  sequel
  sqlite3
  thin
